GIT
  remote: git://github.com/mytestbed/omf_web
  revision: b9ecfc2e9aea8419014afef151efa1f0f3d2935b
  specs:
    omf_web (0.9.9)
      activesupport (~> 3.0.0)
      coderay (~> 1.0.6)
      erector (~> 0.8.3)
      grit (~> 2.5.0)
      json (~> 1.7.3)
      log4r (~> 1.1.10)
      maruku (~> 0.6.0)
      omf_oml (~> 0.9)
      postgres-pr (~> 0.6.3)
      rack (~> 1.3.5)
      ritex (~> 1.0.1)
      sqlite3 (~> 1.3.6)
      thin (~> 1.3.1)
      websocket-rack (~> 0.4.0)

PATH
  remote: .
  specs:
    labwiki (0.15.pre)
      i18n
      omf_web (~> 0.9.0)
      ruby_parser (~> 2.3.1)
      warden-openid

GEM
  remote: https://rubygems.org/
  specs:
    activesupport (3.0.20)
    addressable (2.3.4)
    coderay (1.0.9)
    daemons (1.1.9)
    diff-lcs (1.2.4)
    em-websocket (0.3.8)
      addressable (>= 2.1.1)
      eventmachine (>= 0.12.9)
    erector (0.8.3)
      rake
      rake
      treetop
      treetop (>= 1.2.3)
    eventmachine (1.0.3)
    grit (2.5.0)
      diff-lcs (~> 1.1)
      mime-types (~> 1.15)
      posix-spawn (~> 0.3.6)
    i18n (0.6.4)
    json (1.7.7)
    log4r (1.1.10)
    maruku (0.6.1)
      syntax (>= 1.0.0)
    method_source (0.8.1)
    mime-types (1.23)
    omf_oml (0.9.7)
      sequel (~> 3.45)
    polyglot (0.3.3)
    posix-spawn (0.3.6)
    postgres-pr (0.6.3)
    pry (0.9.12.2)
      coderay (~> 1.0.5)
      method_source (~> 0.8)
      slop (~> 3.4)
    rack (1.3.10)
    rack-openid (1.3.1)
      rack (>= 1.1.0)
      ruby-openid (>= 2.1.8)
    rake (10.0.4)
    ritex (1.0.1)
    ruby-openid (2.2.3)
    ruby_parser (2.3.1)
      sexp_processor (~> 3.0)
    sequel (3.48.0)
    sexp_processor (3.2.0)
    slop (3.4.5)
    sqlite3 (1.3.7)
    syntax (1.0.0)
    thin (1.3.1)
      daemons (>= 1.0.9)
      eventmachine (>= 0.12.6)
      rack (>= 1.0.0)
    treetop (1.4.14)
      polyglot
      polyglot (>= 0.3.1)
    warden (1.2.1)
      rack (>= 1.0)
    warden-openid (0.1.0)
      rack-openid
      warden
    websocket-rack (0.4.0)
      em-websocket (~> 0.3.6)
      eventmachine (~> 1.0.0.beta.4)
      rack
      thin

PLATFORMS
  ruby

DEPENDENCIES
  labwiki!
  omf_web (~> 0.9.0)!
  pry
