PATH
  remote: .
  specs:
    labwiki (0.12)
      ruby_parser (~> 2.3.1)

GEM
  remote: http://rubygems.org/
  specs:
    ruby_parser (2.3.1)
      sexp_processor (~> 3.0)
    sexp_processor (3.2.0)

PLATFORMS
  ruby

DEPENDENCIES
  labwiki!
